GEM
  remote: https://rubygems.org/
  specs:
    coffee-script (2.2.0)
      coffee-script-source
      execjs
    coffee-script-source (1.7.0)
    execjs (2.0.2)
    geocoder (1.1.9)
    haml (3.1.8)
    libv8 (3.16.14.3)
    rack (1.5.2)
    rack-coffee (1.0.3)
      coffee-script
      rack
    rack-protection (1.5.2)
      rack
    ref (1.0.5)
    sass (3.3.4)
    shotgun (0.9)
      rack (>= 1.0)
    sinatra (1.4.4)
      rack (~> 1.4)
      rack-protection (~> 1.4)
      tilt (~> 1.3, >= 1.3.4)
    terminal-table (1.4.5)
    therubyracer (0.12.1)
      libv8 (~> 3.16.14.0)
      ref
    tilt (1.4.1)

PLATFORMS
  ruby

DEPENDENCIES
  geocoder (~> 1.1.9)
  haml (~> 3.1.8)
  rack-coffee (~> 1.0.3)
  sass (~> 3.3.4)
  shotgun (~> 0.9)
  sinatra (~> 1.4.4)
  terminal-table (~> 1.4.5)
  therubyracer (~> 0.12.1)
